GEM
  remote: https://rubygems.org/
  specs:
    aws-eventstream (1.2.0)
    aws-sdk (2.11.632)
      aws-sdk-resources (= 2.11.632)
    aws-sdk-core (2.11.632)
      aws-sigv4 (~> 1.0)
      jmespath (~> 1.0)
    aws-sdk-resources (2.11.632)
      aws-sdk-core (= 2.11.632)
    aws-sigv4 (1.5.0)
      aws-eventstream (~> 1, >= 1.0.2)
    jmespath (1.6.1)
    thor (0.19.1)

PLATFORMS
  ruby

DEPENDENCIES
  aws-sdk (~> 2, >= 2.2.25)
  thor

BUNDLED WITH
   1.17.3
